GEM
  remote: https://rubygems.org/
  specs:
    coderay (1.1.3)
    faraday (1.0.1)
      multipart-post (>= 1.2, < 3)
    method_source (1.0.0)
    multipart-post (2.1.1)
    oj (3.10.8)
    pry (0.13.1)
      coderay (~> 1.1)
      method_source (~> 1.0)

PLATFORMS
  ruby

DEPENDENCIES
  faraday
  oj
  pry

RUBY VERSION
   ruby 2.7.1p83

BUNDLED WITH
   2.1.4
